GEM
  remote: https://rubygems.org/
  specs:
    activesupport (4.2.4)
      i18n (~> 0.7)
      json (~> 1.7, >= 1.7.7)
      minitest (~> 5.1)
      thread_safe (~> 0.3, >= 0.3.4)
      tzinfo (~> 1.1)
    chunky_png (1.3.4)
    clockwork (1.2.0)
      activesupport
      tzinfo
    i18n (0.7.0)
    json (1.8.3)
    minitest (5.8.1)
    pdf-core (0.4.0)
    prawn (1.3.0)
      pdf-core (~> 0.4.0)
      ttfunk (~> 1.4.0)
    sqlite3 (1.3.11)
    thinreports (0.8.1)
      chunky_png (~> 1.3)
      prawn (= 1.3.0)
    thread_safe (0.3.5)
    ttfunk (1.4.0)
    tzinfo (1.2.2)
      thread_safe (~> 0.1)
    webrick (1.3.1)

PLATFORMS
  ruby

DEPENDENCIES
  clockwork
  sqlite3
  thinreports
  webrick

BUNDLED WITH
   1.10.6
